GEM
  remote: https://rubygems.org/
  specs:
    colorize (0.8.1)
    highline (1.7.8)
    mini_exiftool (2.7.6)

PLATFORMS
  ruby

DEPENDENCIES
  colorize
  highline
  mini_exiftool
